GIT
  remote: https://github.com/crafterm/comma.git
  revision: 0b57837359bca3d4cb1b03a09896953ec8f1aac9
  ref: rails2
  specs:
    comma (2.1.3)
      fastercsv (~> 1.5.4)

GEM
  remote: https://rubygems.org/
  specs:
    SystemTimer (1.2.2)
    actionmailer (2.3.18)
      actionpack (= 2.3.18)
    actionpack (2.3.18)
      activesupport (= 2.3.18)
      rack (~> 1.1.0)
    activerecord (2.3.18)
      activesupport (= 2.3.18)
    activeresource (2.3.18)
      activesupport (= 2.3.18)
    activesupport (2.3.18)
    aws-s3 (0.6.3)
      builder
      mime-types
      xml-simple
    builder (3.2.2)
    columnize (0.3.6)
    fastercsv (1.5.4)
    fleximage (1.0.4)
      aws-s3
      rmagick
    grosser-ssl_requirement (0.1.0)
      actionpack
    honeybadger (1.10.2)
      json
    json (1.8.1)
    json_pure (1.8.1)
    linecache (0.46)
      rbx-require-relative (> 0.0.4)
    mime-types (1.25.1)
    pg (0.17.1)
    rack (1.1.6)
    rack-timeout (0.0.1)
    rails (2.3.18)
      actionmailer (= 2.3.18)
      actionpack (= 2.3.18)
      activerecord (= 2.3.18)
      activeresource (= 2.3.18)
      activesupport (= 2.3.18)
      rake (>= 0.8.3)
    rake (0.8.7)
    rbx-require-relative (0.0.9)
    recurly (0.3.3)
      activeresource (>= 2.3)
      activesupport (>= 2.3)
    reportable (1.1.2)
      activerecord (>= 2.0.0)
      activesupport (>= 2.0.0)
    rmagick (2.13.2)
    rpx_now (0.6.24)
      json_pure
    ruby-debug (0.10.4)
      columnize (>= 0.1)
      ruby-debug-base (~> 0.10.4.0)
    ruby-debug-base (0.10.4)
      linecache (>= 0.3)
    rubytree (0.7.0)
    will_paginate (2.3.15)
    xml-simple (1.1.3)

PLATFORMS
  ruby

DEPENDENCIES
  SystemTimer (= 1.2.2)
  bundler
  comma!
  fastercsv (= 1.5.4)
  fleximage (= 1.0.4)
  grosser-ssl_requirement
  honeybadger
  mime-types (~> 1.25)
  pg
  rack-timeout (= 0.0.1)
  rails (= 2.3.18)
  rake (= 0.8.7)
  recurly (= 0.3.3)
  reportable (= 1.1.2)
  rpx_now (= 0.6.24)
  ruby-debug (= 0.10.4)
  rubytree (= 0.7.0)
  will_paginate (= 2.3.15)
